PATH
  remote: .
  specs:
    seed_packet (0.0.5)

GEM
  remote: https://rubygems.org/
  specs:

PLATFORMS
  ruby

DEPENDENCIES
  seed_packet!
